PATH
  remote: .
  specs:
    capra (1.0.0)
      command_lion (~> 2.0.1)
      ipaddr (~> 1.2.2)
      oj (>= 3.7.11, < 3.14.0)
      packetgen (~> 3.1.2)

GEM
  remote: https://rubygems.org/
  specs:
    coderay (1.1.2)
    command_lion (2.0.1)
    coolline (0.5.0)
      unicode_utils (~> 1.4)
    diff-lcs (1.4.4)
    interfacez (1.0.3)
    ipaddr (1.2.2)
    method_source (1.0.0)
    oj (3.13.1)
    packetgen (3.1.8)
      interfacez (~> 1.0)
      pcaprub (~> 0.12.0)
      rasn1 (~> 0.8, >= 0.8.0)
    pcaprub (0.12.4)
    pry (0.13.1)
      coderay (~> 1.1)
      method_source (~> 1.0)
    pry-coolline (0.2.5)
      coolline (~> 0.5)
    rake (13.0.3)
    rasn1 (0.8.0)
    rspec (3.10.0)
      rspec-core (~> 3.10.0)
      rspec-expectations (~> 3.10.0)
      rspec-mocks (~> 3.10.0)
    rspec-core (3.10.0)
      rspec-support (~> 3.10.0)
    rspec-expectations (3.10.0)
      diff-lcs (>= 1.2.0, < 2.0)
      rspec-support (~> 3.10.0)
    rspec-mocks (3.10.0)
      diff-lcs (>= 1.2.0, < 2.0)
      rspec-support (~> 3.10.0)
    rspec-support (3.10.0)
    unicode_utils (1.4.0)

PLATFORMS
  ruby

DEPENDENCIES
  bundler (~> 2.0)
  capra!
  pry (~> 0.13.0)
  pry-coolline (~> 0.2.5)
  rake (~> 13.0)
  rspec (~> 3.10.0)

BUNDLED WITH
   1.17.2
